GEM
  remote: https://rubygems.org/
  specs:
    coderay (1.1.0)
    colorize (0.7.7)
    figlet (1.1.0)
    lolcat (42.1.0)
      paint (~> 0.8.3)
      trollop (~> 1.16.2)
    method_source (0.8.2)
    paint (0.8.7)
    pry (0.10.3)
      coderay (~> 1.1.0)
      method_source (~> 0.8.1)
      slop (~> 3.4)
    slop (3.6.0)
    trollop (1.16.2)

PLATFORMS
  ruby

DEPENDENCIES
  colorize
  figlet
  lolcat
  pry

BUNDLED WITH
   1.10.6
